STORAGE: NONE
RESTRICTION: == net6.0
NUGET
  remote: https://api.nuget.org/v3/index.json
    Deedle (3.0)
      FSharp.Core (>= 4.5.2)
    DynamicObj (2.0)
      FSharp.Core (>= 6.0.2)
      Newtonsoft.Json (>= 13.0.1)
    FSharp.Core (7.0.400)
    FSharp.Data (6.3)
      FSharp.Core (>= 5.0.1)
      FSharp.Data.Csv.Core (>= 6.3)
      FSharp.Data.Html.Core (>= 6.3)
      FSharp.Data.Http (>= 6.3)
      FSharp.Data.Json.Core (>= 6.3)
      FSharp.Data.Runtime.Utilities (>= 6.3)
      FSharp.Data.WorldBank.Core (>= 6.3)
      FSharp.Data.Xml.Core (>= 6.3)
    FSharp.Data.Csv.Core (6.3)
      FSharp.Core (>= 5.0.1)
      FSharp.Data.Runtime.Utilities (>= 6.3)
    FSharp.Data.Html.Core (6.3)
      FSharp.Core (>= 5.0.1)
      FSharp.Data.Csv.Core (>= 6.3)
      FSharp.Data.Runtime.Utilities (>= 6.3)
    FSharp.Data.Http (6.3)
      FSharp.Core (>= 5.0.1)
    FSharp.Data.Json.Core (6.3)
      FSharp.Core (>= 5.0.1)
      FSharp.Data.Http (>= 6.3)
      FSharp.Data.Runtime.Utilities (>= 6.3)
    FSharp.Data.Runtime.Utilities (6.3)
      FSharp.Core (>= 5.0.1)
      FSharp.Data.Http (>= 6.3)
    FSharp.Data.WorldBank.Core (6.3)
      FSharp.Core (>= 5.0.1)
      FSharp.Data.Http (>= 6.3)
      FSharp.Data.Json.Core (>= 6.3)
      FSharp.Data.Runtime.Utilities (>= 6.3)
    FSharp.Data.Xml.Core (6.3)
      FSharp.Core (>= 5.0.1)
      FSharp.Data.Http (>= 6.3)
      FSharp.Data.Json.Core (>= 6.3)
      FSharp.Data.Runtime.Utilities (>= 6.3)
    Fsharp.Stats (0.5)
      FSharp.Core (>= 6.0.7)
      FSharpAux (>= 2.0)
      FSharpAux.Core (>= 2.0)
      FSharpAux.IO (>= 2.0)
      OptimizedPriorityQueue (>= 5.1)
    FSharpAux (2.0)
      FSharp.Core (>= 6.0.7)
      FSharpAux.Core (>= 2.0)
    FSharpAux.Core (2.0)
      FSharp.Core (>= 6.0.7)
    FSharpAux.IO (2.0)
      FSharp.Core (>= 6.0.7)
      FSharpAux (>= 2.0)
    Giraffe.ViewEngine.StrongName (2.0.0-alpha1)
      FSharp.Core (>= 6.0.7)
    Newtonsoft.Json (13.0.3)
    OptimizedPriorityQueue (5.1)
    Plotly.NET (4.2)
      DynamicObj (>= 2.0)
      FSharp.Core (>= 6.0.7)
      Giraffe.ViewEngine.StrongName (>= 2.0.0-alpha1)
      Newtonsoft.Json (>= 13.0.1)
